PATH
  remote: .
  specs:
    pdftoimage (0.1.4)

GEM
  remote: http://rubygems.org/
  specs:
    autotest (4.4.4)
    diff-lcs (1.1.2)
    ore-core (0.1.0)
    rake (0.8.7)
    rspec (2.1.0)
      rspec-core (~> 2.1.0)
      rspec-expectations (~> 2.1.0)
      rspec-mocks (~> 2.1.0)
    rspec-core (2.1.0)
    rspec-expectations (2.1.0)
      diff-lcs (~> 1.1.2)
    rspec-mocks (2.1.0)
    spork (0.8.4)
    yard (0.6.2)

PLATFORMS
  ruby

DEPENDENCIES
  autotest
  bundler (~> 1.0.0)
  ore-core (~> 0.1.0)
  pdftoimage!
  rake (~> 0.8.7)
  rspec (>= 2.1.0)
  spork
  yard (~> 0.6.0)
